GEM
  remote: https://rubygems.org/
  specs:
    builder (3.2.0)
    childprocess (0.3.9)
      ffi (~> 1.0, >= 1.0.11)
    cucumber (1.2.3)
      builder (>= 2.1.2)
      diff-lcs (>= 1.1.3)
      gherkin (~> 2.11.6)
      multi_json (~> 1.3)
    diff-lcs (1.2.2)
    ffi (1.6.0)
    ffi (1.6.0-x86-mingw32)
    gherkin (2.11.6)
      json (>= 1.7.6)
    gherkin (2.11.6-x86-mingw32)
      json (>= 1.7.6)
    json (2.3.1)
    multi_json (1.7.2)
    rake (10.0.4)
    rspec (2.13.0)
      rspec-core (~> 2.13.0)
      rspec-expectations (~> 2.13.0)
      rspec-mocks (~> 2.13.0)
    rspec-core (2.13.1)
    rspec-expectations (2.13.0)
      diff-lcs (>= 1.1.3, < 2.0)
    rspec-mocks (2.13.1)
    rubyzip (1.2.3)
    selenium-webdriver (2.32.0)
      childprocess (>= 0.2.5)
      multi_json (~> 1.0)
      rubyzip
      websocket (~> 1.0.4)
    websocket (1.0.7)

PLATFORMS
  ruby
  x86-mingw32

DEPENDENCIES
  cucumber
  rake
  rspec
  selenium-webdriver
